GEM
  remote: https://rubygems.org/
  specs:
    addressable (2.5.2)
      public_suffix (>= 2.0.2, < 4.0)
    crack (0.4.3)
      safe_yaml (~> 1.0.0)
    daemons (1.2.6)
    eventmachine (1.2.7)
    hashdiff (0.3.7)
    httparty (0.16.2)
      multi_xml (>= 0.5.2)
    minitest (5.11.3)
    multi_xml (0.6.0)
    mustermann (1.0.3)
    public_suffix (3.0.3)
    rack (2.0.5)
    rack-protection (2.0.4)
      rack
    rake (12.3.1)
    safe_yaml (1.0.4)
    sinatra (2.0.4)
      mustermann (~> 1.0)
      rack (~> 2.0)
      rack-protection (= 2.0.4)
      tilt (~> 2.0)
    thin (1.7.2)
      daemons (~> 1.0, >= 1.0.9)
      eventmachine (~> 1.0, >= 1.0.4)
      rack (>= 1, < 3)
    tilt (2.0.8)
    vcr (4.0.0)
    webmock (3.4.2)
      addressable (>= 2.3.6)
      crack (>= 0.3.2)
      hashdiff

PLATFORMS
  ruby

DEPENDENCIES
  httparty
  minitest
  rake
  sinatra
  thin
  vcr
  webmock

BUNDLED WITH
   1.16.5
